GEM
  specs:

GEM
  remote: https://rubygems.org/
  specs:
    CFPropertyList (3.0.6)
      rexml
    addressable (2.8.5)
      public_suffix (>= 2.0.2, < 6.0)
    ast (2.4.2)
    aws-eventstream (1.2.0)
    aws-partitions (1.834.0)
    aws-sdk-core (3.185.1)
      aws-eventstream (~> 1, >= 1.0.2)
      aws-partitions (~> 1, >= 1.651.0)
      aws-sigv4 (~> 1.5)
      jmespath (~> 1, >= 1.6.1)
    aws-sdk-ec2 (1.412.0)
      aws-sdk-core (~> 3, >= 3.184.0)
      aws-sigv4 (~> 1.1)
    aws-sigv4 (1.6.0)
      aws-eventstream (~> 1, >= 1.0.2)
    backport (1.2.0)
    benchmark (0.2.1)
    bindata (2.4.15)
    bolt (3.27.4)
      CFPropertyList (>= 2.2)
      addressable (~> 2.5)
      aws-sdk-ec2 (~> 1)
      concurrent-ruby (~> 1.0, < 1.2.0)
      ffi (>= 1.9.25, < 2.0.0)
      hiera-eyaml (~> 3)
      jwt (~> 2.2)
      logging (~> 2.2)
      minitar (~> 0.6)
      net-scp (>= 1.2, < 5.0)
      net-ssh (>= 4.0, < 8.0)
      net-ssh-krb (~> 0.5)
      orchestrator_client (~> 0.5)
      puppet (>= 6.18.0)
      puppet-resource_api (>= 1.8.1)
      puppet-strings (>= 2.3.0, < 5.0)
      puppetfile-resolver (>= 0.6.2, < 1.0)
      r10k (~> 3.10)
      ruby_smb (~> 1.0)
      terminal-table (~> 3.0)
      winrm (~> 2.0)
      winrm-fs (~> 1.3)
    builder (3.2.4)
    colored2 (3.1.2)
    concurrent-ruby (1.1.10)
    connection_pool (2.4.1)
    cri (2.15.11)
    deep_merge (1.2.2)
    diff-lcs (1.5.0)
    e2mmap (0.1.0)
    erubi (1.12.0)
    facter (4.5.0)
      hocon (~> 1.3)
      thor (>= 1.0.1, < 2.0)
    faraday (1.10.3)
      faraday-em_http (~> 1.0)
      faraday-em_synchrony (~> 1.0)
      faraday-excon (~> 1.1)
      faraday-httpclient (~> 1.0)
      faraday-multipart (~> 1.0)
      faraday-net_http (~> 1.0)
      faraday-net_http_persistent (~> 1.0)
      faraday-patron (~> 1.0)
      faraday-rack (~> 1.0)
      faraday-retry (~> 1.0)
      ruby2_keywords (>= 0.0.4)
    faraday-em_http (1.0.0)
    faraday-em_synchrony (1.0.0)
    faraday-excon (1.1.0)
    faraday-httpclient (1.0.1)
    faraday-multipart (1.0.4)
      multipart-post (~> 2)
    faraday-net_http (1.0.1)
    faraday-net_http_persistent (1.2.0)
    faraday-patron (1.0.0)
    faraday-rack (1.0.0)
    faraday-retry (1.0.3)
    faraday_middleware (1.2.0)
      faraday (~> 1.0)
    fast_gettext (2.3.0)
    ffi (1.16.3)
    forwardable (1.3.3)
    gettext (3.4.7)
      erubi
      locale (>= 2.0.5)
      prime
      racc
      text (>= 1.3.0)
    gettext-setup (1.1.0)
      fast_gettext (~> 2.1)
      gettext (~> 3.4)
      locale
    gssapi (1.3.1)
      ffi (>= 1.0.1)
    gyoku (1.4.0)
      builder (>= 2.1.2)
      rexml (~> 3.0)
    hiera-eyaml (3.4.0)
      highline
      optimist
    highline (2.1.0)
    hocon (1.4.0)
    httpclient (2.8.3)
    jaro_winkler (1.5.6)
    jmespath (1.6.2)
    json (2.6.3)
    jwt (2.7.1)
    kramdown (2.4.0)
      rexml
    kramdown-parser-gfm (1.1.0)
      kramdown (~> 2.0)
    language_server-protocol (3.17.0.3)
    little-plugger (1.1.4)
    locale (2.1.3)
    log4r (1.1.10)
    logging (2.3.1)
      little-plugger (~> 1.1)
      multi_json (~> 1.14)
    mini_portile2 (2.8.2)
    minitar (0.9)
    molinillo (0.8.0)
    multi_json (1.15.0)
    multipart-post (2.3.0)
    net-http-persistent (4.0.2)
      connection_pool (~> 2.2)
    net-scp (4.0.0)
      net-ssh (>= 2.6.5, < 8.0.0)
    net-ssh (7.2.0)
    net-ssh-krb (0.5.1)
      gssapi (~> 1.3.0)
      net-ssh (>= 2.0)
    nokogiri (1.15.2)
      mini_portile2 (~> 2.8.2)
      racc (~> 1.4)
    nori (2.6.0)
    optimist (3.1.0)
    orchestrator_client (0.7.0)
      faraday (~> 1.4)
      net-http-persistent (~> 4.0)
    parallel (1.23.0)
    parser (3.2.2.3)
      ast (~> 2.4.1)
      racc
    prime (0.1.2)
      forwardable
      singleton
    public_suffix (5.0.3)
    puppet (8.2.0)
      concurrent-ruby (~> 1.0)
      deep_merge (~> 1.0)
      facter (>= 4.3.0, < 5)
      fast_gettext (>= 2.1, < 3)
      locale (~> 2.1)
      multi_json (~> 1.13)
      puppet-resource_api (~> 1.5)
      scanf (~> 1.0)
      semantic_puppet (~> 1.0)
    puppet-lint (2.5.2)
    puppet-lint-absolute_template_path (2.0.0)
      puppet-lint (>= 1.1, < 5.0)
    puppet-lint-classes_and_types_beginning_with_digits-check (1.0.0)
      puppet-lint (>= 1.0, < 3.0)
    puppet-lint-concatenated_template_files-check (0.1.1)
      puppet-lint (>= 1.1, < 3.0)
    puppet-lint-duplicate_class_parameters-check (1.0.5)
      puppet-lint (>= 1.1, < 3.0)
    puppet-lint-empty_string-check (1.0.0)
      puppet-lint (>= 1.0, < 3.0)
    puppet-lint-explicit_hiera_class_param_lookup-check (0.1.2)
      puppet-lint (>= 1.1, < 3.0)
    puppet-lint-file_ensure-check (1.1.0)
      puppet-lint (>= 1.0, < 4)
    puppet-lint-file_source_rights-check (0.1.1)
      puppet-lint (>= 1.0, < 3.0)
    puppet-lint-global_resource-check (0.3.2)
      puppet-lint (~> 2.1)
    puppet-lint-leading_zero-check (1.1.0)
      puppet-lint (>= 1.0, < 4.0)
    puppet-lint-legacy_facts-check (1.0.4)
      puppet-lint (~> 2.4)
    puppet-lint-no_file_path_attribute-check (0.1.1)
      puppet-lint (>= 1.1, < 3.0)
    puppet-lint-no_symbolic_file_modes-check (1.0.2)
      puppet-lint (>= 1.1, < 3.0)
    puppet-lint-package_ensure-check (0.2.0)
      puppet-lint (>= 1.0)
    puppet-lint-param-docs (1.7.6)
      puppet-lint (>= 1.1, < 4.0)
    puppet-lint-resource_reference_syntax (1.2.0)
      puppet-lint (>= 1.0, < 4)
    puppet-lint-roles_and_profiles-check (0.1.1)
      puppet-lint (>= 1.0, < 3.0)
    puppet-lint-security-plugins (0.2.0)
      puppet-lint (~> 2.0)
    puppet-lint-spaceship_operator_without_tag-check (0.1.1)
      puppet-lint (>= 1.0, < 3.0)
    puppet-lint-strict_indent-check (2.1.0)
      puppet-lint (>= 1.0, < 4)
    puppet-lint-template_file_extension-check (0.1.3)
      puppet-lint (>= 1.1, < 3.0)
    puppet-lint-top_scope_facts-check (1.0.1)
      puppet-lint (~> 2.0)
    puppet-lint-trailing_comma-check (1.0.0)
      puppet-lint (>= 1.0, < 4)
    puppet-lint-trailing_newline-check (1.1.0)
      puppet-lint (>= 1.0, < 3.0)
    puppet-lint-undef_in_function-check (0.2.1)
      puppet-lint (>= 1.0, < 3.0)
    puppet-lint-unquoted_string-check (2.2.0)
      puppet-lint (>= 2.1, < 4)
    puppet-lint-variable_contains_upcase (1.4.0)
      puppet-lint (>= 1.0, < 5)
    puppet-lint-version_comparison-check (1.1.0)
      puppet-lint (>= 1.0, < 4)
    puppet-lint-world_writable_files-check (0.0.2)
      puppet-lint (>= 1.1, < 3.0)
    puppet-resource_api (1.9.0)
      hocon (>= 1.0)
    puppet-strings (4.1.0)
      rgen (~> 0.9)
      yard (~> 0.9)
    puppet_forge (3.2.0)
      faraday (~> 1.3)
      faraday_middleware (~> 1.0)
      minitar
      semantic_puppet (~> 1.0)
    puppetfile-resolver (0.6.2)
      molinillo (~> 0.6)
      semantic_puppet (~> 1.0)
    r10k (3.16.0)
      colored2 (= 3.1.2)
      cri (>= 2.15.10)
      fast_gettext (>= 1.1.0, < 3.0.0)
      gettext (>= 3.0.2, < 4.0.0)
      gettext-setup (>= 0.24, < 2.0.0)
      jwt (>= 2.2.3, < 2.8.0)
      log4r (= 1.1.10)
      minitar (~> 0.9)
      multi_json (~> 1.10)
      puppet_forge (>= 2.3.0, < 4.0.0)
    racc (1.7.1)
    rainbow (3.1.1)
    rbs (2.8.4)
    regexp_parser (2.8.1)
    reverse_markdown (2.1.1)
      nokogiri
    rexml (3.2.6)
    rgen (0.9.1)
    rspec (3.12.0)
      rspec-core (~> 3.12.0)
      rspec-expectations (~> 3.12.0)
      rspec-mocks (~> 3.12.0)
    rspec-core (3.12.2)
      rspec-support (~> 3.12.0)
    rspec-expectations (3.12.3)
      diff-lcs (>= 1.2.0, < 2.0)
      rspec-support (~> 3.12.0)
    rspec-mocks (3.12.5)
      diff-lcs (>= 1.2.0, < 2.0)
      rspec-support (~> 3.12.0)
    rspec-puppet (3.0.0)
      rspec
    rspec-support (3.12.0)
    rubocop (1.53.0)
      json (~> 2.3)
      language_server-protocol (>= 3.17.0)
      parallel (~> 1.10)
      parser (>= 3.2.2.3)
      rainbow (>= 2.2.2, < 4.0)
      regexp_parser (>= 1.8, < 3.0)
      rexml (>= 3.2.5, < 4.0)
      rubocop-ast (>= 1.28.0, < 2.0)
      ruby-progressbar (~> 1.7)
      unicode-display_width (>= 2.4.0, < 3.0)
    rubocop-ast (1.29.0)
      parser (>= 3.2.1.0)
    rubocop-capybara (2.18.0)
      rubocop (~> 1.41)
    rubocop-factory_bot (2.23.1)
      rubocop (~> 1.33)
    rubocop-rspec (2.22.0)
      rubocop (~> 1.33)
      rubocop-capybara (~> 2.17)
      rubocop-factory_bot (~> 2.22)
    ruby-progressbar (1.13.0)
    ruby2_keywords (0.0.5)
    ruby_smb (1.1.0)
      bindata
      rubyntlm
      windows_error
    rubyntlm (0.6.3)
    rubyzip (2.3.2)
    scanf (1.0.0)
    semantic_puppet (1.1.0)
    singleton (0.1.1)
    solargraph (0.49.0)
      backport (~> 1.2)
      benchmark
      bundler (~> 2.0)
      diff-lcs (~> 1.4)
      e2mmap
      jaro_winkler (~> 1.5)
      kramdown (~> 2.3)
      kramdown-parser-gfm (~> 1.1)
      parser (~> 3.0)
      rbs (~> 2.0)
      reverse_markdown (~> 2.0)
      rubocop (~> 1.38)
      thor (~> 1.0)
      tilt (~> 2.0)
      yard (~> 0.9, >= 0.9.24)
    terminal-table (3.0.2)
      unicode-display_width (>= 1.1.1, < 3)
    text (1.3.1)
    thor (1.2.2)
    tilt (2.2.0)
    unicode-display_width (2.5.0)
    windows_error (0.1.5)
    winrm (2.3.6)
      builder (>= 2.1.2)
      erubi (~> 1.8)
      gssapi (~> 1.2)
      gyoku (~> 1.0)
      httpclient (~> 2.2, >= 2.2.0.2)
      logging (>= 1.6.1, < 3.0)
      nori (~> 2.0)
      rubyntlm (~> 0.6.0, >= 0.6.3)
    winrm-fs (1.3.5)
      erubi (~> 1.8)
      logging (>= 1.6.1, < 3.0)
      rubyzip (~> 2.0)
      winrm (~> 2.0)
    yaml-lint (0.1.2)
    yard (0.9.34)

PLATFORMS
  ruby

DEPENDENCIES
  bolt!
  hiera-eyaml!
  puppet-lint!
  puppet-lint-absolute_template_path!
  puppet-lint-classes_and_types_beginning_with_digits-check!
  puppet-lint-concatenated_template_files-check!
  puppet-lint-duplicate_class_parameters-check!
  puppet-lint-empty_string-check!
  puppet-lint-explicit_hiera_class_param_lookup-check!
  puppet-lint-file_ensure-check!
  puppet-lint-file_source_rights-check!
  puppet-lint-global_resource-check!
  puppet-lint-leading_zero-check!
  puppet-lint-legacy_facts-check!
  puppet-lint-no_file_path_attribute-check!
  puppet-lint-no_symbolic_file_modes-check!
  puppet-lint-package_ensure-check!
  puppet-lint-param-docs!
  puppet-lint-resource_reference_syntax!
  puppet-lint-roles_and_profiles-check!
  puppet-lint-security-plugins!
  puppet-lint-spaceship_operator_without_tag-check!
  puppet-lint-strict_indent-check!
  puppet-lint-template_file_extension-check!
  puppet-lint-top_scope_facts-check!
  puppet-lint-trailing_comma-check!
  puppet-lint-trailing_newline-check!
  puppet-lint-undef_in_function-check!
  puppet-lint-unquoted_string-check!
  puppet-lint-variable_contains_upcase!
  puppet-lint-version_comparison-check!
  puppet-lint-world_writable_files-check!
  rspec-puppet!
  rubocop!
  rubocop-rspec!
  solargraph!
  yaml-lint!

BUNDLED WITH
   2.4.14
